GEM
  remote: http://rubygems.org/
  specs:
    actionmailer (2.3.11)
      actionpack (= 2.3.11)
    actionpack (2.3.11)
      activesupport (= 2.3.11)
      rack (~> 1.1.0)
    activerecord (2.3.11)
      activesupport (= 2.3.11)
    activeresource (2.3.11)
      activesupport (= 2.3.11)
    activesupport (2.3.11)
    annotate-models (1.0.4)
    columnize (0.3.2)
    geokit (1.5.0)
    hpricot (0.8.3)
    htmlentities (4.2.3)
    linecache (0.43)
    mofo (0.2.8)
      hpricot (>= 0.4.59)
    paper_trail (1.6.4)
      actionpack (>= 2.3)
      activerecord (>= 2.3)
    rack (1.1.2)
    rails (2.3.11)
      actionmailer (= 2.3.11)
      actionpack (= 2.3.11)
      activerecord (= 2.3.11)
      activeresource (= 2.3.11)
      activesupport (= 2.3.11)
      rake (>= 0.8.3)
    rake (0.9.0)
    ri_cal (0.8.7)
    rspec (1.3.1)
    rspec-rails (1.3.3)
      rack (>= 1.0.0)
      rspec (= 1.3.1)
    rubyzip (0.9.4)
    sqlite3 (1.3.3)
    will_paginate (2.3.15)

PLATFORMS
  ruby

DEPENDENCIES
  annotate-models (= 1.0.4)
  columnize (= 0.3.2)
  geokit (= 1.5.0)
  hpricot (= 0.8.3)
  htmlentities (= 4.2.3)
  linecache (= 0.43)
  mofo (= 0.2.8)
  paper_trail (= 1.6.4)
  rails (= 2.3.11)
  ri_cal (= 0.8.7)
  rspec (= 1.3.1)
  rspec-rails (= 1.3.3)
  rubyzip (= 0.9.4)
  sqlite3
  will_paginate (= 2.3.15)
